GEM
  remote: http://rubygems.org/
  specs:
    activemodel (3.2.8)
      activesupport (= 3.2.8)
      builder (~> 3.0.0)
    activesupport (3.2.8)
      i18n (~> 0.6)
      multi_json (~> 1.0)
    backports (2.6.4)
    bson (1.5.2)
    bson_ext (1.5.2)
      bson (= 1.5.2)
    builder (3.0.3)
    concurrent-ruby (1.1.10)
    eventmachine (1.0.0)
    factory_girl (4.1.0)
      activesupport (>= 3.0.0)
    faraday (0.8.4)
      multipart-post (~> 1.1)
    hashie (1.2.0)
    humongous (0.2.0)
      bson_ext (= 1.5.2)
      json (= 1.6.5)
      mongo (= 1.5.2)
      sinatra (= 1.3.2)
      vegas (= 0.1.8)
    i18n (0.9.5)
      concurrent-ruby (~> 1.0)
    json (1.6.5)
    kgio (2.7.4)
    mail (2.4.4)
      i18n (>= 0.4.0)
      mime-types (~> 1.16)
      treetop (~> 1.4.8)
    mime-types (1.19)
    minitest (3.4.0)
    mongo (1.5.2)
      bson (= 1.5.2)
    mongoid (2.4.12)
      activemodel (~> 3.1)
      mongo (<= 1.6.2)
      tzinfo (~> 0.3.22)
    multi_json (1.3.6)
    multipart-post (1.1.5)
    nokogiri (1.5.5)
    omniauth (1.1.1)
      hashie (~> 1.2)
      rack
    polyglot (0.3.3)
    puma (1.6.3)
      rack (~> 1.2)
    qu (0.2.0)
      multi_json
    qu-mongo (0.2.0)
      mongo
      qu (= 0.2.0)
    rack (1.4.1)
    rack-protection (1.2.0)
      rack
    rack-test (0.6.1)
      rack (>= 1.0)
    rack-throttle (0.3.0)
      rack (>= 1.0.0)
    raindrops (0.10.0)
    rake (0.9.2.2)
    rr (1.0.4)
    ruby-ldap (0.9.12)
    sinatra (1.3.2)
      rack (~> 1.3, >= 1.3.6)
      rack-protection (~> 1.2)
      tilt (~> 1.3, >= 1.3.3)
    sinatra-contrib (1.3.1)
      backports (>= 2.0)
      eventmachine
      rack-protection
      rack-test
      sinatra (~> 1.3.0)
      tilt (~> 1.3)
    tilt (1.3.3)
    treetop (1.4.10)
      polyglot
      polyglot (>= 0.3.1)
    tzinfo (0.3.33)
    unicorn (4.3.1)
      kgio (~> 2.6)
      rack
      raindrops (~> 0.7)
    vegas (0.1.8)
      rack (>= 1.0.0)
    yajl-ruby (1.1.0)
    yard (0.8.2.1)
    yard-sinatra (1.0.0)
      yard (~> 0.7)

PLATFORMS
  ruby

DEPENDENCIES
  bson
  bson_ext
  factory_girl
  faraday
  humongous
  mail
  minitest
  mongo
  mongoid (~> 2.4.11)
  nokogiri
  omniauth
  puma
  qu-mongo
  rack-test
  rack-throttle
  rake
  rr
  ruby-ldap
  sinatra
  sinatra-contrib
  unicorn
  yajl-ruby
  yard
  yard-sinatra
